GEM
  remote: http://rubygems.org/
  specs:
    active_support (3.0.0)
      activesupport (= 3.0.0)
    activesupport (3.0.0)
    addressable (2.2.6)
    coffee-script (2.2.0)
      coffee-script-source
      execjs
    coffee-script-source (1.1.2)
    execjs (1.2.4)
      multi_json (~> 1.0)
    faraday (0.7.4)
      addressable (~> 2.2.6)
      multipart-post (~> 1.1.0)
      rack (>= 1.1.0, < 2)
    faraday_middleware (0.7.0)
      faraday (~> 0.7.3)
    haml (3.1.2)
    hashie (1.1.0)
    i18n (0.6.0)
    json (1.5.3)
    multi_json (1.0.3)
    multi_xml (0.2.2)
    multipart-post (1.1.3)
    rack (1.3.2)
    redis (2.2.2)
    sass (3.1.7)
    simple_oauth (0.1.5)
    sinatra (1.2.6)
      rack (~> 1.1)
      tilt (< 2.0, >= 1.2.2)
    therubyracer-heroku (0.8.1.pre3)
    tilt (1.3.2)
    twitter (1.6.2)
      faraday (~> 0.7.4)
      faraday_middleware (~> 0.7.0)
      hashie (~> 1.1.0)
      multi_json (~> 1.0.0)
      multi_xml (~> 0.2.0)
      simple_oauth (~> 0.1.5)

PLATFORMS
  ruby

DEPENDENCIES
  active_support
  coffee-script
  haml
  hashie
  i18n
  json
  redis
  sass
  sinatra
  therubyracer-heroku
  twitter
